{
  "TaskName": "rest",
  "Manufacturer": "Brain Products",
  "PowerLineFrequency": 50,
  "SamplingFrequency": 1000.0,
  "SoftwareFilters": "n/a",
  "RecordingDuration": 319.779,
  "RecordingType": "continuous",
  "EEGReference": "FCz (online); offline re-referenced as needed",
  "EEGGround": "AFz",
  "EEGPlacementScheme": "International 10-10",
  "EEGChannelCount": 63,
  "EOGChannelCount": 0,
  "ECGChannelCount": 0,
  "EMGChannelCount": 0,
  "MiscChannelCount": 0,
  "TriggerChannelCount": 0,
  "MISCChannelCount": 0,
  "TaskDescription": "Resting state EEG with central fixation cross. Recorded once before and once after the main experiment within each session.",
  "Instructions": "Maintain central fixation. On training/test runs, press the button as quickly as possible whenever a catch (target) image appears.",
  "InstitutionName": "Freie Universit\u00e4t Berlin",
  "InstitutionAddress": "Habelschwerdter Allee 45, 14195 Berlin, Germany",
  "InstitutionalDepartmentName": "Department of Education and Psychology, Neural Dynamics of Visual Cognition Lab (Cichy lab)",
  "ManufacturersModelName": "BrainVision actiCHamp",
  "CapManufacturer": "EasyCap",
  "CapManufacturersModelName": "actiCAP 64Ch Standard-2",
  "HardwareFilters": {
    "Highpass": {
      "CutoffFrequency": 0.01,
      "Unit": "Hz"
    },
    "Lowpass": {
      "CutoffFrequency": 100,
      "Unit": "Hz"
    }
  },
  "SoftwareVersions": "n/a",
  "DeviceSerialNumber": "n/a",
  "SubjectArtefactDescription": "n/a",
  "CogAtlasID": "n/a",
  "CogPOID": "n/a"
}
